GIT
  remote: git://github.com/brupla6126/araignee.git
  revision: b42ef56a439136ddfe59d8882d2fe2632f8428e6
  branch: master
  specs:
    araignee (0.6.0)
      logger (~> 1.2)
      virtus (~> 1.0)

GIT
  remote: git://github.com/brupla6126/cloporte-permisology.git
  revision: 89cc0c48549f6817188a9ab64a760d5b78d0e73e
  branch: master
  specs:
    cloporte-permisology (0.2.0)

PATH
  remote: .
  specs:
    iule-permisology (0.1.0)
      grape (~> 0.18)

GEM
  remote: https://rubygems.org/
  specs:
    activesupport (5.0.2)
      concurrent-ruby (~> 1.0, >= 1.0.2)
      i18n (~> 0.7)
      minitest (~> 5.1)
      tzinfo (~> 1.1)
    airbrussh (1.1.2)
      sshkit (>= 1.6.1, != 1.7.0)
    ast (2.3.0)
    axiom-types (0.1.1)
      descendants_tracker (~> 0.0.4)
      ice_nine (~> 0.11.0)
      thread_safe (~> 0.3, >= 0.3.1)
    builder (3.2.3)
    capistrano (3.8.0)
      airbrussh (>= 1.0.0)
      i18n
      rake (>= 10.0.0)
      sshkit (>= 1.9.0)
    capistrano-bundler (1.2.0)
      capistrano (~> 3.1)
      sshkit (~> 1.2)
    capistrano-passenger (0.2.0)
      capistrano (~> 3.0)
    capistrano-rvm (0.1.2)
      capistrano (~> 3.0)
      sshkit (~> 1.2)
    capistrano-service (0.0.2)
      capistrano (>= 3.0.0.pre)
    coderay (1.1.1)
    coercible (1.0.0)
      descendants_tracker (~> 0.0.1)
    concurrent-ruby (1.0.5)
    descendants_tracker (0.0.4)
      thread_safe (~> 0.3, >= 0.3.1)
    diff-lcs (1.3)
    docile (1.1.5)
    equalizer (0.0.11)
    ffi (1.9.18)
    formatador (0.2.5)
    git-version-bump (0.15.1)
    grape (0.19.1)
      activesupport
      builder
      hashie (>= 2.1.0)
      multi_json (>= 1.3.2)
      multi_xml (>= 0.5.2)
      mustermann-grape (~> 0.4.0)
      rack (>= 1.3.0)
      rack-accept
      virtus (>= 1.0.0)
    guard (2.14.1)
      formatador (>= 0.2.4)
      listen (>= 2.7, < 4.0)
      lumberjack (~> 1.0)
      nenv (~> 0.1)
      notiffany (~> 0.0)
      pry (>= 0.9.12)
      shellany (~> 0.0)
      thor (>= 0.18.1)
    guard-compat (1.2.1)
    guard-rspec (4.7.3)
      guard (~> 2.1)
      guard-compat (~> 1.1)
      rspec (>= 2.99.0, < 4.0)
    guard-rubocop (1.2.0)
      guard (~> 2.0)
      rubocop (~> 0.20)
    hashie (3.5.5)
    i18n (0.8.1)
    ice_nine (0.11.2)
    json (2.0.3)
    listen (3.1.5)
      rb-fsevent (~> 0.9, >= 0.9.4)
      rb-inotify (~> 0.9, >= 0.9.7)
      ruby_dep (~> 1.2)
    logger (1.2.8)
    lumberjack (1.0.11)
    method_source (0.8.2)
    minitest (5.10.1)
    multi_json (1.12.1)
    multi_xml (0.6.0)
    mustermann (0.4.0)
      tool (~> 0.2)
    mustermann-grape (0.4.0)
      mustermann (= 0.4.0)
    nenv (0.3.0)
    net-scp (1.2.1)
      net-ssh (>= 2.6.5)
    net-ssh (4.1.0)
    notiffany (0.1.1)
      nenv (~> 0.1)
      shellany (~> 0.0)
    parser (2.4.0.0)
      ast (~> 2.2)
    passenger (5.1.2)
      rack
      rake (>= 0.8.1)
    powerpack (0.1.1)
    pry (0.10.4)
      coderay (~> 1.1.0)
      method_source (~> 0.8.1)
      slop (~> 3.4)
    rack (1.6.5)
    rack-accept (0.4.5)
      rack (>= 0.4)
    rack-contrib (1.4.0)
      git-version-bump (~> 0.15)
      rack (~> 1.4)
    rack-test (0.6.3)
      rack (>= 1.0)
    rainbow (2.2.1)
    rake (12.0.0)
    rb-fsevent (0.9.8)
    rb-inotify (0.9.8)
      ffi (>= 0.5.0)
    rspec (3.5.0)
      rspec-core (~> 3.5.0)
      rspec-expectations (~> 3.5.0)
      rspec-mocks (~> 3.5.0)
    rspec-core (3.5.4)
      rspec-support (~> 3.5.0)
    rspec-expectations (3.5.0)
      diff-lcs (>= 1.2.0, < 2.0)
      rspec-support (~> 3.5.0)
    rspec-mocks (3.5.0)
      diff-lcs (>= 1.2.0, < 2.0)
      rspec-support (~> 3.5.0)
    rspec-support (3.5.0)
    rubocop (0.47.1)
      parser (>= 2.3.3.1, < 3.0)
      powerpack (~> 0.1)
      rainbow (>= 1.99.1, < 3.0)
      ruby-progressbar (~> 1.7)
      unicode-display_width (~> 1.0, >= 1.0.1)
    ruby-progressbar (1.8.1)
    ruby_dep (1.5.0)
    shellany (0.0.1)
    simplecov (0.13.0)
      docile (~> 1.1.0)
      json (>= 1.8, < 3)
      simplecov-html (~> 0.10.0)
    simplecov-html (0.10.0)
    slop (3.6.0)
    sshkit (1.12.0)
      net-scp (>= 1.1.2)
      net-ssh (>= 2.8.0)
    thor (0.19.4)
    thread_safe (0.3.6)
    timecop (0.8.1)
    tool (0.2.3)
    tzinfo (1.2.2)
      thread_safe (~> 0.1)
    unicode-display_width (1.1.3)
    virtus (1.0.5)
      axiom-types (~> 0.1)
      coercible (~> 1.0)
      descendants_tracker (~> 0.0, >= 0.0.3)
      equalizer (~> 0.0, >= 0.0.9)
    yard (0.9.8)

PLATFORMS
  ruby

DEPENDENCIES
  araignee!
  bundler (~> 1.12)
  capistrano (>= 3.8.0)
  capistrano-bundler (~> 1.2)
  capistrano-passenger (~> 0.2.0)
  capistrano-rvm (~> 0.1.2)
  capistrano-service (~> 0.0.2)
  cloporte-permisology!
  guard!
  guard-rspec!
  guard-rubocop!
  iule-permisology!
  listen (~> 3.0)!
  passenger (>= 5.0.25)
  rack-contrib!
  rack-test!
  rake!
  rspec!
  rspec-mocks!
  rubocop!
  simplecov!
  timecop!
  yard!

BUNDLED WITH
   1.12.5
